PATH
  remote: .
  specs:
    csql (0.1.1)

GEM
  remote: https://rubygems.org/
  specs:
    diff-lcs (1.3)
    racc (1.4.14)
    rake (10.5.0)
    rspec (3.7.0)
      rspec-core (~> 3.7.0)
      rspec-expectations (~> 3.7.0)
      rspec-mocks (~> 3.7.0)
    rspec-core (3.7.1)
      rspec-support (~> 3.7.0)
    rspec-expectations (3.7.0)
      diff-lcs (>= 1.2.0, < 2.0)
      rspec-support (~> 3.7.0)
    rspec-mocks (3.7.0)
      diff-lcs (>= 1.2.0, < 2.0)
      rspec-support (~> 3.7.0)
    rspec-support (3.7.1)
    sql-parser (0.0.2)
      racc

PLATFORMS
  ruby

DEPENDENCIES
  bundler (~> 1.16)
  csql!
  rake (~> 10.0)
  rspec (~> 3.0)
  sql-parser

BUNDLED WITH
   1.16.1
